REDIRECTS: ON
RESTRICTION: || (== net35) (== net40) (== net45) (== net451) (== net452)
NUGET
  remote: https://www.nuget.org/api/v2
    FAKE (4.63)
    FSharp.Compiler.Service (13.0)
      System.Collections.Immutable (>= 1.3.1)
      System.Reflection.Metadata (>= 1.4.2)
    FSharp.Formatting (2.10)
      FSharp.Compiler.Service (>= 0.0.87)
      FSharpVSPowerTools.Core (1.8)
    FSharpVSPowerTools.Core (1.8)
      FSharp.Compiler.Service (>= 0.0.87)
    Microsoft.Bcl (1.1.10) - restriction: || (== net35) (&& (== net35) (== net40)) (&& (== net35) (== net45)) (&& (== net35) (== net451)) (&& (== net35) (== net452)) (== net40) (&& (== net40) (== net45)) (&& (== net40) (== net451)) (&& (== net40) (== net452)) (&& (== net451) (== net452) (< net45) (< portable-win81+wpa81)) (&& (== net451) (< net45) (< portable-win81+wpa81)) (&& (== net452) (< net45) (< portable-win81+wpa81))
      Microsoft.Bcl.Build (>= 1.0.14)
    Microsoft.Bcl.Build (1.0.21) - import_targets: false, restriction: || (== net35) (&& (== net35) (== net40)) (&& (== net35) (== net45)) (&& (== net35) (== net451)) (&& (== net35) (== net452)) (== net40) (&& (== net40) (== net45)) (&& (== net40) (== net451)) (&& (== net40) (== net452)) (&& (== net451) (== net452) (< net45) (< portable-win81+wpa81)) (&& (== net451) (< net45) (< portable-win81+wpa81)) (&& (== net452) (< net45) (< portable-win81+wpa81))
    Microsoft.Net.Http (2.2.29) - restriction: || (== net35) (&& (== net35) (== net40)) (&& (== net35) (== net45)) (&& (== net35) (== net451)) (&& (== net35) (== net452)) (== net40) (&& (== net40) (== net45)) (&& (== net40) (== net451)) (&& (== net40) (== net452)) (&& (== net451) (== net452) (< net45) (< portable-win81+wpa81)) (&& (== net451) (< net45) (< portable-win81+wpa81)) (&& (== net452) (< net45) (< portable-win81+wpa81))
      Microsoft.Bcl (>= 1.1.10)
      Microsoft.Bcl.Build (>= 1.0.14)
    Octokit (0.24)
      Microsoft.Net.Http  - restriction: || (== net35) (== net40) (&& (== net451) (< net45) (< portable-win81+wpa81)) (&& (== net452) (< net45) (< portable-win81+wpa81))
    SourceLink.Fake (1.0)
    System.Collections.Immutable (1.3.1)
    System.Reflection.Metadata (1.4.2)
      System.Collections.Immutable (>= 1.3.1) - restriction: || (&& (== net35) (>= net45)) (&& (== net35) (>= netstandard1.1)) (&& (== net35) (>= monoandroid)) (&& (== net35) (>= monotouch)) (&& (== net35) (>= xamarinios)) (&& (== net35) (>= xamarinmac)) (&& (== net35) (>= win8)) (&& (== net35) (>= wpa81)) (&& (== net40) (>= net45)) (&& (== net40) (>= netstandard1.1)) (&& (== net40) (>= monoandroid)) (&& (== net40) (>= monotouch)) (&& (== net40) (>= xamarinios)) (&& (== net40) (>= xamarinmac)) (&& (== net40) (>= win8)) (&& (== net40) (>= wpa81)) (== net45) (== net451) (== net452)
    xunit (2.0) - restriction: || (&& (== net35) (>= net45)) (&& (== net40) (>= net45)) (== net45) (== net451) (== net452)
      xunit.assert (2.0)
      xunit.core (2.0)
    xunit.abstractions (2.0) - restriction: || (&& (== net35) (>= net45)) (&& (== net40) (>= net45)) (== net45) (== net451) (== net452)
    xunit.assert (2.0) - restriction: || (&& (== net35) (>= net45)) (&& (== net40) (>= net45)) (== net45) (== net451) (== net452)
    xunit.core (2.0) - restriction: || (&& (== net35) (>= net45)) (&& (== net40) (>= net45)) (== net45) (== net451) (== net452)
      xunit.extensibility.core (2.0)
    xunit.extensibility.core (2.0) - restriction: || (&& (== net35) (>= net45)) (&& (== net40) (>= net45)) (== net45) (== net451) (== net452)
      xunit.abstractions (2.0)
    xunit.runner.console (2.0)
    xunit.runner.visualstudio (2.1.0) - version_in_path: true, restriction: || (&& (== net35) (>= net45)) (&& (== net40) (>= net45)) (== net45) (== net451) (== net452)
GITHUB
  remote: fsharp/FAKE
    modules/Octokit/Octokit.fsx (291f58cc70aba6dd871cf18e66d2d88357e4f208)
      Octokit (>= 0.20)