NUGET
  remote: https://nuget.org/api/v2
  specs:
    FAKE (4.1.0)
    FSharp.Compiler.Service (1.4.0.1)
    FSharp.Formatting (2.10.0)
      FSharp.Compiler.Service (>= 0.0.87)
      FSharpVSPowerTools.Core (1.8.0)
    FSharpVSPowerTools.Core (1.8.0)
      FSharp.Compiler.Service (>= 0.0.87)
    Microsoft.Bcl (1.1.10)
      Microsoft.Bcl.Build (>= 1.0.14)
    Microsoft.Bcl.Build (1.0.21)
    Microsoft.Net.Http (2.2.29)
      Microsoft.Bcl (>= 1.1.10)
      Microsoft.Bcl.Build (>= 1.0.14)
    Octokit (0.14.0) - framework: >= net451
      Microsoft.Net.Http
    SourceLink.Fake (1.0.0)
    xunit (2.0.0) - framework: >= net451
      xunit.assert (2.0.0)
      xunit.core (2.0.0)
    xunit.abstractions (2.0.0) - framework: >= net451
    xunit.assert (2.0.0) - framework: >= net451
    xunit.core (2.0.0) - framework: >= net451
      xunit.extensibility.core (2.0.0)
    xunit.extensibility.core (2.0.0) - framework: >= net451
      xunit.abstractions (2.0.0)
    xunit.runner.console (2.0.0)
    xunit.runner.visualstudio (2.0.0) - framework: >= net451
GITHUB
  remote: fsharp/FAKE
  specs:
    modules/Octokit/Octokit.fsx (16296d960f02a6192baa9e3f9facb32aca7184bb)
      Octokit